GEM
  remote: https://rubygems.org/
  specs:
    activesupport (4.2.6)
      i18n (~> 0.7)
      json (~> 1.7, >= 1.7.7)
      minitest (~> 5.1)
      thread_safe (~> 0.3, >= 0.3.4)
      tzinfo (~> 1.1)
    addressable (2.4.0)
    archive-zip (0.8.0)
      io-like (~> 0.3.0)
    capybara (2.7.1)
      addressable
      mime-types (>= 1.16)
      nokogiri (>= 1.3.3)
      rack (>= 1.0.0)
      rack-test (>= 0.5.4)
      xpath (~> 2.0)
    cool.io (1.4.3)
    dotenv (2.1.1)
    drndump (1.0.1)
      cool.io
      droonga-client
      json
    droonga-client (0.2.2)
      droonga-message-pack-packer
      fluent-logger
      grn2drn (>= 1.0.5)
      msgpack
      rack
      slop (<= 3.6.0)
      yajl-ruby
    droonga-engine (1.1.1)
      archive-zip
      cool.io (>= 1.3.0)
      drndump (>= 1.0.1)
      droonga-client (>= 0.1.9)
      droonga-message-pack-packer (>= 1.0.2)
      faraday
      faraday_middleware
      groonga-command-parser
      json
      rroonga (>= 4.0.4)
      sigdump
      slop (<= 3.6.0)
      sys-proctable
    droonga-message-pack-packer (1.0.2)
      msgpack
    enumerable-lazy (0.0.1)
    epub-parser (0.2.5)
      addressable (>= 2.3.5)
      archive-zip
      nokogiri (~> 1.6)
      rchardet (>= 1.6.1)
    faraday (0.9.2)
      multipart-post (>= 1.2, < 3)
    faraday_middleware (0.10.0)
      faraday (>= 0.7.4, < 0.10)
    ffi (1.9.10)
    ffi-yajl (2.2.3)
      libyajl2 (~> 1.2)
    fluent-logger (0.5.1)
      msgpack (>= 0.4.4, < 0.6.0, != 0.5.3, != 0.5.2, != 0.5.1, != 0.5.0)
    foreman (0.81.0)
      thor (~> 0.19.1)
    gqtp (1.0.6)
    grn2drn (1.0.5)
      groonga-command-parser
      json
    groonga-client (0.2.5)
      gqtp (>= 1.0.4)
      groonga-command (>= 1.2.0)
      hashie
    groonga-command (1.2.0)
      json
    groonga-command-parser (1.0.5)
      ffi
      ffi-yajl
      groonga-command (>= 1.0.9)
    haml (4.0.7)
      tilt
    hashie (3.4.4)
    i18n (0.7.0)
    io-like (0.3.0)
    json (1.8.3)
    libyajl2 (1.2.0)
    mail (2.6.4)
      mime-types (>= 1.16, < 4)
    metaclass (0.0.4)
    mime-types (2.99.1)
    mime-types-data (3.2016.0221)
    mini_portile2 (2.0.0)
    minitest (5.9.0)
    mocha (1.1.0)
      metaclass (~> 0.0.1)
    moneta (0.7.20)
    msgpack (0.5.12)
    multipart-post (2.0.0)
    mustermann19 (0.4.3)
      enumerable-lazy
    nokogiri (1.6.7.2)
      mini_portile2 (~> 2.0.0.rc2)
    padrino (0.13.2)
      padrino-admin (= 0.13.2)
      padrino-cache (= 0.13.2)
      padrino-core (= 0.13.2)
      padrino-gen (= 0.13.2)
      padrino-helpers (= 0.13.2)
      padrino-mailer (= 0.13.2)
      padrino-support (= 0.13.2)
    padrino-admin (0.13.2)
      padrino-core (= 0.13.2)
      padrino-helpers (= 0.13.2)
    padrino-cache (0.13.2)
      moneta (~> 0.7.0)
      padrino-core (= 0.13.2)
      padrino-helpers (= 0.13.2)
    padrino-core (0.13.2)
      activesupport (>= 3.1)
      mustermann19
      padrino-support (= 0.13.2)
      rack-protection (>= 1.5.0)
      sinatra (~> 1.4.6)
      thor (~> 0.18)
    padrino-gen (0.13.2)
      bundler (~> 1.0)
      padrino-core (= 0.13.2)
    padrino-helpers (0.13.2)
      i18n (~> 0.6, >= 0.6.7)
      padrino-support (= 0.13.2)
      tilt (>= 1.4.1, < 3)
    padrino-mailer (0.13.2)
      mail (~> 2.5)
      mime-types (< 3)
      padrino-core (= 0.13.2)
    padrino-support (0.13.2)
      activesupport (>= 3.1)
    pkg-config (1.1.7)
    power_assert (0.3.0)
    puma (3.4.0)
    rack (1.6.4)
    rack-protection (1.5.3)
      rack
    rack-test (0.6.3)
      rack (>= 1.0)
    rake (11.1.2)
    rchardet (1.6.1)
    rroonga (6.0.0)
      archive-zip
      groonga-client (>= 0.0.3)
      json
      pkg-config
    sass (3.4.22)
    shoulda (3.5.0)
      shoulda-context (~> 1.0, >= 1.0.1)
      shoulda-matchers (>= 1.4.1, < 3.0)
    shoulda-context (1.2.1)
    shoulda-matchers (2.8.0)
      activesupport (>= 3.0.0)
    sigdump (0.2.4)
    sinatra (1.4.7)
      rack (~> 1.5)
      rack-protection (~> 1.4)
      tilt (>= 1.3, < 3)
    slop (3.6.0)
    sys-proctable (1.0.0)
    test-unit (3.1.8)
      power_assert
    test-unit-capybara (1.0.5)
      capybara (>= 2.1.0)
      json
      test-unit (>= 2.5.3)
    thor (0.19.1)
    thread_safe (0.3.5)
    tilt (2.0.4)
    tzinfo (1.2.2)
      thread_safe (~> 0.1)
    xpath (2.0.0)
      nokogiri (~> 1.3)
    yajl-ruby (1.2.1)

PLATFORMS
  ruby

DEPENDENCIES
  dotenv
  droonga-engine
  epub-parser
  foreman
  groonga-client
  haml
  mocha
  padrino (= 0.13.2)
  puma
  rack-test
  rake
  sass
  shoulda
  test-unit
  test-unit-capybara

BUNDLED WITH
   1.12.3
